PATH
  remote: .
  specs:
    entity_store_sequel (0.3.0)
      bson (~> 4.0)
      entity_store
      hatchet (~> 0.2)
      pigeon_hole (~> 0.1.0)
      sequel

GEM
  remote: https://rubygems.org/
  specs:
    bson (4.3.0)
    diff-lcs (1.3)
    entity_store (1.2.0)
      bson (~> 4.0)
      hatchet (~> 0.2)
    hatchet (0.2.11)
    pg (1.1.3)
    pigeon_hole (0.1.8)
    rake (13.0.1)
    rspec (3.8.0)
      rspec-core (~> 3.8.0)
      rspec-expectations (~> 3.8.0)
      rspec-mocks (~> 3.8.0)
    rspec-core (3.8.0)
      rspec-support (~> 3.8.0)
    rspec-expectations (3.8.2)
      diff-lcs (>= 1.2.0, < 2.0)
      rspec-support (~> 3.8.0)
    rspec-mocks (3.8.0)
      diff-lcs (>= 1.2.0, < 2.0)
      rspec-support (~> 3.8.0)
    rspec-support (3.8.0)
    sequel (5.13.0)
    sqlite3 (1.3.13)

PLATFORMS
  ruby

DEPENDENCIES
  entity_store_sequel!
  hatchet
  pg
  rake
  rspec
  sqlite3

BUNDLED WITH
   1.17.3
