PATH
  remote: .
  specs:
    entity_store_sequel (0.0.9)
      bson (~> 1.8)
      entity_store
      hatchet (~> 0.2)
      pigeon_hole (~> 0.1.0)
      sequel

GEM
  remote: http://rubygems.org/
  specs:
    bson (1.12.5)
    coderay (1.1.1)
    diff-lcs (1.3)
    entity_store (0.6.0)
      bson (~> 1.8)
      hatchet (~> 0.2)
      mongo (~> 1.8)
    ffi (1.9.17)
    formatador (0.2.5)
    growl (1.0.3)
    guard (2.14.1)
      formatador (>= 0.2.4)
      listen (>= 2.7, < 4.0)
      lumberjack (~> 1.0)
      nenv (~> 0.1)
      notiffany (~> 0.0)
      pry (>= 0.9.12)
      shellany (~> 0.0)
      thor (>= 0.18.1)
    guard-compat (1.2.1)
    guard-rspec (4.7.3)
      guard (~> 2.1)
      guard-compat (~> 1.1)
      rspec (>= 2.99.0, < 4.0)
    hatchet (0.2.11)
    listen (3.1.5)
      rb-fsevent (~> 0.9, >= 0.9.4)
      rb-inotify (~> 0.9, >= 0.9.7)
      ruby_dep (~> 1.2)
    lumberjack (1.0.11)
    method_source (0.8.2)
    mongo (1.12.5)
      bson (= 1.12.5)
    nenv (0.3.0)
    notiffany (0.1.1)
      nenv (~> 0.1)
      shellany (~> 0.0)
    pg (0.19.0)
    pigeon_hole (0.1.7)
    pry (0.10.4)
      coderay (~> 1.1.0)
      method_source (~> 0.8.1)
      slop (~> 3.4)
    rake (12.0.0)
    rb-fsevent (0.9.8)
    rb-inotify (0.9.8)
      ffi (>= 0.5.0)
    rspec (3.5.0)
      rspec-core (~> 3.5.0)
      rspec-expectations (~> 3.5.0)
      rspec-mocks (~> 3.5.0)
    rspec-core (3.5.4)
      rspec-support (~> 3.5.0)
    rspec-expectations (3.5.0)
      diff-lcs (>= 1.2.0, < 2.0)
      rspec-support (~> 3.5.0)
    rspec-mocks (3.5.0)
      diff-lcs (>= 1.2.0, < 2.0)
      rspec-support (~> 3.5.0)
    rspec-support (3.5.0)
    ruby_dep (1.3.1)
    sequel (4.43.0)
    shellany (0.0.1)
    slop (3.6.0)
    sqlite3 (1.3.13)
    thor (0.19.4)

PLATFORMS
  ruby

DEPENDENCIES
  entity_store_sequel!
  growl
  guard-rspec
  hatchet
  pg
  rake
  rb-fsevent (~> 0.9.1)
  rspec
  sqlite3

BUNDLED WITH
   1.14.3
