PATH
  remote: .
  specs:
    entity_store_sequel (0.4.0)
      bson (~> 4.0)
      entity_store
      hatchet (~> 0.2)
      pigeon_hole (~> 0.1.0)
      sequel

GEM
  remote: https://rubygems.org/
  specs:
    bigdecimal (3.1.6)
    bson (4.15.0)
    diff-lcs (1.5.1)
    entity_store (1.5.0)
      bson (~> 4.0)
      hatchet (~> 0.2)
    hatchet (0.2.14)
    mini_portile2 (2.8.5)
    pg (1.5.5)
    pigeon_hole (0.1.9)
    rake (13.1.0)
    rspec (3.13.0)
      rspec-core (~> 3.13.0)
      rspec-expectations (~> 3.13.0)
      rspec-mocks (~> 3.13.0)
    rspec-core (3.13.0)
      rspec-support (~> 3.13.0)
    rspec-expectations (3.13.0)
      diff-lcs (>= 1.2.0, < 2.0)
      rspec-support (~> 3.13.0)
    rspec-mocks (3.13.0)
      diff-lcs (>= 1.2.0, < 2.0)
      rspec-support (~> 3.13.0)
    rspec-support (3.13.1)
    sequel (5.77.0)
      bigdecimal
    sqlite3 (1.7.2)
      mini_portile2 (~> 2.8.0)

PLATFORMS
  ruby

DEPENDENCIES
  entity_store_sequel!
  hatchet
  pg
  rake
  rspec
  sqlite3

BUNDLED WITH
   2.4.21
